GIT
  remote: git://github.com/mbleigh/acts-as-taggable-on.git
  revision: 95998f6431a2af1272b4b6fa672f9bf64aedfcc9
  specs:
    acts-as-taggable-on (3.1.0)
      actionpack (>= 3, < 5)
      activerecord (>= 3, < 5)
      activesupport (>= 3, < 5)

GIT
  remote: https://github.com/sferik/twitter.git
  revision: 7b401889eb79a0cf5f04a99aca087712eeaa2e5f
  specs:
    twitter (5.8.0)
      addressable (~> 2.3)
      buftok (~> 0.2.0)
      equalizer (~> 0.0.9)
      faraday (~> 0.9.0)
      http (~> 0.5.0)
      http_parser.rb (~> 0.6.0)
      json (~> 1.8)
      memoizable (~> 0.4.0)
      naught (~> 1.0)
      simple_oauth (~> 0.2.0)

GEM
  remote: https://rubygems.org/
  specs:
    actionmailer (4.0.0)
      actionpack (= 4.0.0)
      mail (~> 2.5.3)
    actionpack (4.0.0)
      activesupport (= 4.0.0)
      builder (~> 3.1.0)
      erubis (~> 2.7.0)
      rack (~> 1.5.2)
      rack-test (~> 0.6.2)
    active_model_serializers (0.8.1)
      activemodel (>= 3.0)
    activemodel (4.0.0)
      activesupport (= 4.0.0)
      builder (~> 3.1.0)
    activerecord (4.0.0)
      activemodel (= 4.0.0)
      activerecord-deprecated_finders (~> 1.0.2)
      activesupport (= 4.0.0)
      arel (~> 4.0.0)
    activerecord-deprecated_finders (1.0.3)
    activesupport (4.0.0)
      i18n (~> 0.6, >= 0.6.4)
      minitest (~> 4.2)
      multi_json (~> 1.3)
      thread_safe (~> 0.1)
      tzinfo (~> 0.3.37)
    acts_as_list (0.4.0)
      activerecord (>= 3.0)
    addressable (2.3.6)
    arel (4.0.2)
    atomic (1.1.16)
    attr_required (1.0.0)
    bcrypt (3.1.7)
    bcrypt-ruby (3.1.5)
      bcrypt (>= 3.1.3)
    blankslate (2.1.2.4)
    bloggy (0.3)
      jekyll (~> 1.4.2)
      rack-contrib
      rails
      rdiscount
    bootstrap-sass (3.1.1.0)
      sass (~> 3.2)
    buftok (0.2.0)
    builder (3.1.4)
    classifier (1.3.4)
      fast-stemmer (>= 1.0.0)
    coffee-rails (4.0.1)
      coffee-script (>= 2.2.0)
      railties (>= 4.0.0, < 5.0)
    coffee-script (2.2.0)
      coffee-script-source
      execjs
    coffee-script-source (1.7.0)
    colorator (0.1)
    commander (4.1.6)
      highline (~> 1.6.11)
    contact_us (0.5.1)
      rails (>= 4.0.0)
    daemons (1.1.9)
    devise (3.0.4)
      bcrypt-ruby (~> 3.0)
      orm_adapter (~> 0.1)
      railties (>= 3.2.6, < 5)
      warden (~> 1.2.3)
    diff-lcs (1.2.5)
    equalizer (0.0.9)
    erubis (2.7.0)
    eventmachine (1.0.3)
    execjs (2.0.2)
    factory_girl (4.4.0)
      activesupport (>= 3.0.0)
    faraday (0.9.0)
      multipart-post (>= 1.2, < 3)
    fast-stemmer (1.0.2)
    ffi (1.9.3)
    figaro (0.7.0)
      bundler (~> 1.0)
      rails (>= 3, < 5)
    hashie (2.0.5)
    highline (1.6.21)
    hike (1.2.3)
    http (0.5.0)
      http_parser.rb
    http_parser.rb (0.6.0)
    httpclient (2.3.4.1)
    i18n (0.6.9)
    jbuilder (1.5.3)
      activesupport (>= 3.0.0)
      multi_json (>= 1.2.0)
    jekyll (1.4.3)
      classifier (~> 1.3)
      colorator (~> 0.1)
      commander (~> 4.1.3)
      liquid (~> 2.5.5)
      listen (~> 1.3)
      maruku (~> 0.7.0)
      pygments.rb (~> 0.5.0)
      redcarpet (~> 2.3.0)
      safe_yaml (~> 0.9.7)
      toml (~> 0.1.0)
    jquery-rails (3.1.0)
      railties (>= 3.0, < 5.0)
      thor (>= 0.14, < 2.0)
    jquery-ui-rails (4.2.0)
      railties (>= 3.2.16)
    json (1.8.1)
    jwt (0.1.11)
      multi_json (>= 1.5)
    kgio (2.9.2)
    liquid (2.5.5)
    listen (1.3.1)
      rb-fsevent (>= 0.9.3)
      rb-inotify (>= 0.9)
      rb-kqueue (>= 0.2)
    mail (2.5.4)
      mime-types (~> 1.16)
      treetop (~> 1.4.8)
    maruku (0.7.1)
    memoizable (0.4.1)
      thread_safe (~> 0.2.0)
    mime-types (1.25.1)
    minitest (4.7.5)
    multi_json (1.9.2)
    multi_xml (0.5.5)
    multipart-post (2.0.0)
    naught (1.0.0)
    newrelic_rpm (3.7.3.204)
    oauth (0.4.7)
    oauth2 (0.9.3)
      faraday (>= 0.8, < 0.10)
      jwt (~> 0.1.8)
      multi_json (~> 1.3)
      multi_xml (~> 0.5)
      rack (~> 1.2)
    omniauth (1.2.1)
      hashie (>= 1.2, < 3)
      rack (~> 1.0)
    omniauth-facebook (1.6.0)
      omniauth-oauth2 (~> 1.1)
    omniauth-oauth (1.0.1)
      oauth
      omniauth (~> 1.0)
    omniauth-oauth2 (1.1.2)
      faraday (>= 0.8, < 0.10)
      multi_json (~> 1.3)
      oauth2 (~> 0.9.3)
      omniauth (~> 1.2)
    omniauth-twitter (1.0.1)
      multi_json (~> 1.3)
      omniauth-oauth (~> 1.0)
    orm_adapter (0.5.0)
    parslet (1.5.0)
      blankslate (~> 2.0)
    pg (0.17.1)
    polyglot (0.3.4)
    posix-spawn (0.3.8)
    pygments.rb (0.5.4)
      posix-spawn (~> 0.3.6)
      yajl-ruby (~> 1.1.0)
    rack (1.5.2)
    rack-contrib (1.1.0)
      rack (>= 0.9.1)
    rack-oauth2 (1.0.7)
      activesupport (>= 2.3)
      attr_required (>= 0.0.5)
      httpclient (>= 2.2.0.2)
      multi_json (>= 1.3.6)
      rack (>= 1.1)
    rack-test (0.6.2)
      rack (>= 1.0)
    rails (4.0.0)
      actionmailer (= 4.0.0)
      actionpack (= 4.0.0)
      activerecord (= 4.0.0)
      activesupport (= 4.0.0)
      bundler (>= 1.3.0, < 2.0)
      railties (= 4.0.0)
      sprockets-rails (~> 2.0.0)
    rails_12factor (0.0.2)
      rails_serve_static_assets
      rails_stdout_logging
    rails_serve_static_assets (0.0.2)
    rails_stdout_logging (0.0.3)
    railties (4.0.0)
      actionpack (= 4.0.0)
      activesupport (= 4.0.0)
      rake (>= 0.8.7)
      thor (>= 0.18.1, < 2.0)
    raindrops (0.13.0)
    rake (10.2.1)
    rb-fsevent (0.9.4)
    rb-inotify (0.9.4)
      ffi (>= 0.5.0)
    rb-kqueue (0.2.2)
      ffi (>= 0.5.0)
    rdiscount (2.1.7.1)
    rdoc (4.1.1)
      json (~> 1.4)
    redcarpet (2.3.0)
    rspec-core (2.14.8)
    rspec-expectations (2.14.5)
      diff-lcs (>= 1.1.3, < 2.0)
    rspec-mocks (2.14.6)
    rspec-rails (2.14.2)
      actionpack (>= 3.0)
      activemodel (>= 3.0)
      activesupport (>= 3.0)
      railties (>= 3.0)
      rspec-core (~> 2.14.0)
      rspec-expectations (~> 2.14.0)
      rspec-mocks (~> 2.14.0)
    safe_yaml (0.9.7)
    sass (3.2.18)
    sass-rails (4.0.2)
      railties (>= 4.0.0, < 5.0)
      sass (~> 3.2.0)
      sprockets (~> 2.8, <= 2.11.0)
      sprockets-rails (~> 2.0.0)
    sdoc (0.4.0)
      json (~> 1.8)
      rdoc (~> 4.0, < 5.0)
    shelly-dependencies (0.2.4)
      rake
      thin
    simple_oauth (0.2.0)
    slim (2.0.2)
      temple (~> 0.6.6)
      tilt (>= 1.3.3, < 2.1)
    social-share-button (0.1.6)
      coffee-rails
      sass-rails
    sprockets (2.11.0)
      hike (~> 1.2)
      multi_json (~> 1.0)
      rack (~> 1.0)
      tilt (~> 1.1, != 1.3.0)
    sprockets-rails (2.0.1)
      actionpack (>= 3.0)
      activesupport (>= 3.0)
      sprockets (~> 2.8)
    square (0.0.4)
      rack-oauth2
    temple (0.6.7)
    thin (1.6.2)
      daemons (>= 1.0.9)
      eventmachine (>= 1.0.0)
      rack (>= 1.0.0)
    thor (0.19.1)
    thread_safe (0.2.0)
      atomic (>= 1.1.7, < 2)
    tilt (1.4.1)
    toml (0.1.1)
      parslet (~> 1.5.0)
    treetop (1.4.15)
      polyglot
      polyglot (>= 0.3.1)
    turbolinks (2.2.1)
      coffee-rails
    tzinfo (0.3.39)
    uglifier (2.5.0)
      execjs (>= 0.3.0)
      json (>= 1.8.0)
    unicorn (4.8.2)
      kgio (~> 2.6)
      rack
      raindrops (~> 0.7)
    warden (1.2.3)
      rack (>= 1.0)
    yajl-ruby (1.1.0)

PLATFORMS
  ruby

DEPENDENCIES
  active_model_serializers
  acts-as-taggable-on!
  acts_as_list
  bloggy
  bootstrap-sass
  coffee-rails (~> 4.0.0)
  contact_us
  devise (~> 3.0.4)
  factory_girl
  figaro
  jbuilder (~> 1.2)
  jquery-rails
  jquery-ui-rails
  newrelic_rpm
  omniauth
  omniauth-facebook
  omniauth-twitter
  pg
  rails (= 4.0.0)
  rails_12factor
  rspec-rails
  sass-rails (~> 4.0.0)
  sdoc
  shelly-dependencies
  slim
  social-share-button
  square
  turbolinks
  twitter!
  uglifier (>= 1.3.0)
  unicorn
